GIT
  remote: https://github.com/YutaGoto/r-fxxk
  revision: 4932a347c7007d6d8a93e890981b4bddb33686c8
  specs:
    r-fxxk (0.4.0)

GEM
  remote: https://rubygems.org/
  specs:

PLATFORMS
  ruby

DEPENDENCIES
  r-fxxk!

BUNDLED WITH
   2.0.2
